GEM
  remote: https://rubygems.org/
  specs:
    coderay (1.1.3)
    dotenv (2.8.1)
    httparty (0.21.0)
      mini_mime (>= 1.0.0)
      multi_xml (>= 0.5.2)
    method_source (1.0.0)
    mini_mime (1.1.2)
    mini_portile2 (2.8.1)
    multi_xml (0.6.0)
    nokogiri (1.14.2)
      mini_portile2 (~> 2.8.0)
      racc (~> 1.4)
    pry (0.14.2)
      coderay (~> 1.1)
      method_source (~> 1.0)
    racc (1.6.2)
    ruby-openai (3.7.0)
      httparty (>= 0.18.1)
    tiktoken_ruby (0.0.3)

PLATFORMS
  ruby

DEPENDENCIES
  dotenv
  httparty
  nokogiri
  pry
  ruby-openai
  tiktoken_ruby (~> 0.0.3)

RUBY VERSION
   ruby 3.0.4p208

BUNDLED WITH
   2.2.33
